FRAMEWORK: >= NET40
NUGET
  remote: https://www.nuget.org/api/v2
    FAKE (4.36)
    FSharp.Core (4.0.0.1)
    Newtonsoft.Json (9.0.1)
    Suave (1.1.3)
      FSharp.Core (>= 3.1.2.5)
