NUGET
  remote: https://www.nuget.org/api/v2
    FAKE (4.29.2)
    FSharp.Core (4.0.0.1)
    Suave (1.1.3)
      FSharp.Core (>= 3.1.2.5)
GIT
  remote: https://github.com/fsprojects/Fable.git
     (da6842717c072ecf9ad484bb46a6bdf8e8eb0369)
      build: build.cmd AllAndCore
      os: windows
     (da6842717c072ecf9ad484bb46a6bdf8e8eb0369)
      build: build.sh AllAndCore
      os: mono