NUGET
  remote: https://www.nuget.org/api/v2
    FAKE (4.29.2)
    FSharp.Core (4.0.0.1)
    Suave (1.1.3)
      FSharp.Core (>= 3.1.2.5)
GIT
  remote: https://github.com/fsprojects/Fable.git
     (ce7cdcef07dd48aced6422d828f677c0f42e6c85)
      build: build.cmd
      os: windows
     (ce7cdcef07dd48aced6422d828f677c0f42e6c85)
      build: build.sh
      os: mono