FRAMEWORK: >= NET40
NUGET
  remote: https://www.nuget.org/api/v2
    FAKE (4.35.1)
    FSharp.Core (4.0.0.1)
    Newtonsoft.Json (9.0.1)
    Suave (1.1.3)
      FSharp.Core (>= 3.1.2.5)
GIT
  remote: https://github.com/fsprojects/Fable.git
     (e9fe2718bd39d0c0744736b88e8a0b2294c81a2a)
      build: build.cmd AllAndCore
      os: windows
     (e9fe2718bd39d0c0744736b88e8a0b2294c81a2a)
      build: build.sh AllAndCore
      os: mono